PATH
  remote: .
  specs:
    heartcheck-redis (1.0.2)
      heartcheck (>= 1.0.0)
      net-telnet (~> 0.1.1)
      redis (>= 3.2.0, < 5)

GEM
  remote: https://rubygems.org/
  specs:
    ast (2.0.0)
    astrolabe (1.3.0)
      parser (>= 2.2.0.pre.3, < 3.0)
    coderay (1.1.0)
    diff-lcs (1.2.5)
    ffi (1.9.18)
    heartcheck (1.3.0)
      multi_json (~> 1.0)
      net-telnet (~> 0.1.1)
      rack (>= 1.4.0, < 2.1)
      sys-uname (~> 1.0, >= 1.0.3)
    method_source (0.8.2)
    multi_json (1.12.2)
    net-telnet (0.1.1)
    parser (2.2.0.2)
      ast (>= 1.1, < 3.0)
    powerpack (0.0.9)
    pry (0.10.1)
      coderay (~> 1.1.0)
      method_source (~> 0.8.1)
      slop (~> 3.4)
    pry-nav (0.2.4)
      pry (>= 0.9.10, < 0.11.0)
    rack (2.0.3)
    rainbow (2.0.0)
    redcarpet (3.2.2)
    redis (4.0.1)
    rspec (3.1.0)
      rspec-core (~> 3.1.0)
      rspec-expectations (~> 3.1.0)
      rspec-mocks (~> 3.1.0)
    rspec-core (3.1.7)
      rspec-support (~> 3.1.0)
    rspec-expectations (3.1.2)
      diff-lcs (>= 1.2.0, < 2.0)
      rspec-support (~> 3.1.0)
    rspec-mocks (3.1.3)
      rspec-support (~> 3.1.0)
    rspec-support (3.1.2)
    rubocop (0.27.1)
      astrolabe (~> 1.3)
      parser (>= 2.2.0.pre.7, < 3.0)
      powerpack (~> 0.0.6)
      rainbow (>= 1.99.1, < 3.0)
      ruby-progressbar (~> 1.4)
    ruby-progressbar (1.7.1)
    slop (3.6.0)
    sys-uname (1.0.3)
      ffi (>= 1.0.0)
    yard (0.8.7.6)

PLATFORMS
  ruby

DEPENDENCIES
  heartcheck-redis!
  pry-nav (~> 0.2.0, >= 0.2.4)
  redcarpet (~> 3.2.0, >= 3.2.2)
  rspec (~> 3.1.0, >= 3.1.0)
  rubocop (~> 0.27.0, >= 0.27.1)
  yard (~> 0.8.0, >= 0.8.7)

BUNDLED WITH
   1.13.6
